GEM
  remote: https://rubygems.org/
  specs:
    haml (4.0.5)
      tilt
    pg (0.17.1)
    rack (1.5.2)
    sinatra (1.1.0)
      rack (~> 1.1)
      tilt (~> 1.1)
    tilt (1.4.1)

PLATFORMS
  ruby

DEPENDENCIES
  haml
  pg
  sinatra (= 1.1.0)
