GEM
  remote: https://rubygems.org/
  specs:
    pg (0.17.1)
    rack (1.5.2)
    sinatra (1.1.0)
      rack (~> 1.1)
      tilt (~> 1.1)
    tilt (1.4.1)

PLATFORMS
  ruby

DEPENDENCIES
  pg
  sinatra (= 1.1.0)
